GEM
  remote: https://rubygems.org/
  specs:
    rack (2.0.1)
    torquebox-core (4.0.0.beta3-java)
    torquebox-web (4.0.0.beta3-java)
      rack (>= 1.4.0)
      torquebox-core (= 4.0.0.beta3)

PLATFORMS
  java

DEPENDENCIES
  torquebox-core (= 4.0.0.beta3)
  torquebox-web (= 4.0.0.beta3)

BUNDLED WITH
   1.13.6
